GEM
  remote: https://rubygems.org/
  specs:
    rack (1.6.10)
    rake (12.3.1)

PLATFORMS
  ruby

DEPENDENCIES
  rack
  rake

BUNDLED WITH
   1.16.2
